GEM
  remote: https://rubygems.org/
  specs:
    aws-s3 (0.6.3)
      builder
      mime-types
      xml-simple
    builder (3.2.2)
    mime-types (2.4.3)
    mini_portile (0.6.2)
    nokogiri (1.6.6.2)
      mini_portile (~> 0.6.0)
    rack (1.6.0)
    sinatra (1.1.0)
      rack (~> 1.1)
      tilt (~> 1.1)
    tilt (1.4.1)
    xml-simple (1.1.4)

PLATFORMS
  ruby

DEPENDENCIES
  aws-s3
  nokogiri
  sinatra (= 1.1.0)
